PATH
  remote: .
  specs:
    justprep (1.0.1)

GEM
  remote: https://rubygems.org/
  specs:
    bump (0.10.0)
    minitest (5.14.4)
    rake (13.0.4)

PLATFORMS
  x86_64-darwin-20

DEPENDENCIES
  bump
  justprep!
  minitest (~> 5.0)
  rake (~> 13.0)

BUNDLED WITH
   2.2.24
